GIT
  remote: git://github.com/thoughtlead/flix_cloud-gem.git
  revision: 8420b50b01425060c815cd4dead08c51ecb79dc4
  specs:
    flix_cloud-gem (0.5.5)
      builder (>= 2.1.2)
      crack (>= 0.1.1)
      http_client (>= 0.1.0)

GIT
  remote: git://github.com/thoughtlead/gstats.git
  revision: 204fbb6fae797bc49aabc1a31a52c9a511a45fe6
  specs:
    gstats (0.1.2)

GIT
  remote: git://github.com/thoughtlead/http_client.git
  revision: 1b1379027df8c6a75823222aa63435ede85c7bb3
  specs:
    http_client (0.1.0)

GIT
  remote: git://github.com/thoughtlead/panda.git
  revision: 52c19f86d1d82967aa5079e577602e14e6f11ee2
  specs:
    panda (0.0.2)

GEM
  remote: http://rubygems.org/
  specs:
    RedCloth (4.1.9)
    RubyInline (3.8.6)
      ZenTest (~> 4.3)
    ZenTest (4.4.0)
    activesupport (2.2.3)
    aws-s3 (0.5.1)
      builder
      mime-types
      xml-simple
    builder (2.1.2)
    chronic (0.2.3)
      hoe (>= 1.2.1)
    colored (1.1)
    columnize (0.3.1)
    crack (0.1.8)
    domain_name (0.5.20190701)
      unf (>= 0.0.5, < 1.0.0)
    engineyard (1.2.4)
      escape (~> 0.0.4)
      highline (~> 1.5.2)
      json_pure
      rest-client (~> 1.4)
      ruby-termios
      thor (~> 0.14.0)
    escape (0.0.4)
    faker (0.3.1)
    fastercsv (1.4.0)
    highline (1.5.2)
    hoe (1.8.3)
      rake (>= 0.8.3)
      rubyforge (>= 1.0.2)
    hoptoad_notifier (2.3.6)
      activesupport
    hpricot (0.8.2)
    http-cookie (1.0.5)
      domain_name (~> 0.5)
    image_science (1.1.3)
      RubyInline (> 0.0.0)
      hoe (>= 1.2.1)
    json_pure (1.4.6)
    linecache (0.43)
    lockfile (1.4.3)
    map_by_method (0.8.3)
    mime-types (1.16)
    mini_magick (1.2.5)
    mocha (0.9.8)
      rake
    mysql (2.8.1)
    netrc (0.11.0)
    newrelic_rpm (2.12.3)
    rake (0.8.3)
    rest-client (1.8.0)
      http-cookie (>= 1.0.2, < 2.0)
      mime-types (>= 1.16, < 3.0)
      netrc (~> 0.7)
    rexml-expansion-fix (1.0.1)
    ruby-debug (0.10.3)
      columnize (>= 0.1)
      ruby-debug-base (~> 0.10.3.0)
    ruby-debug-base (0.10.3)
      linecache (>= 0.3)
    ruby-termios (0.9.6)
    rubyforge (2.0.4)
      json_pure (>= 1.1.7)
    shoulda (2.0.6)
    thor (0.14.0)
    unf (0.1.4)
      unf_ext
    unf_ext (0.0.8.2)
    will_paginate (2.3.14)
    xml-simple (1.0.12)

PLATFORMS
  ruby

DEPENDENCIES
  RedCloth (~> 4.1.1)
  activesupport (= 2.2.3)
  aws-s3 (~> 0.5.1)
  builder (~> 2.1.2)
  bundler (= 1.0.22)
  chronic (~> 0.2.3)
  colored (= 1.1)
  crack (~> 0.1.2)
  engineyard
  faker (~> 0.3.1)
  fastercsv (~> 1.4.0)
  flix_cloud-gem (~> 0.5.5)!
  gstats (~> 0.1.2)!
  hoe (~> 1.8.3)
  hoptoad_notifier
  hpricot (~> 0.8.2)
  http_client (~> 0.1.0)!
  image_science (~> 1.1.3)
  lockfile (~> 1.4.3)
  map_by_method (~> 0.8.3)
  mime-types (>= 1.15)
  mini_magick (~> 1.2.3)
  mocha (~> 0.9.4)
  mysql
  newrelic_rpm
  panda (~> 0.0.2)!
  rake (= 0.8.3)
  rexml-expansion-fix (~> 1.0.1)
  ruby-debug
  shoulda (~> 2.0.6)
  will_paginate (~> 2.3.11)
  xml-simple (~> 1.0.11)
